GEM
  remote: https://rubygems.org/
  specs:
    activemodel (3.2.18)
      activesupport (= 3.2.18)
      builder (~> 3.0.0)
    activesupport (3.2.18)
      i18n (~> 0.6, >= 0.6.4)
      multi_json (~> 1.0)
    bson (1.6.4)
    bson_ext (1.6.4)
      bson (~> 1.6.4)
    builder (3.0.4)
    capybara (2.3.0)
      mime-types (>= 1.16)
      nokogiri (>= 1.3.3)
      rack (>= 1.0.0)
      rack-test (>= 0.5.4)
      xpath (~> 2.0)
    cliver (0.3.2)
    daemons (1.1.9)
    eventmachine (1.0.3)
    holdon (1.0.2)
    i18n (0.6.9)
    mime-types (2.3)
    mini_portile (0.6.0)
    mongo (1.6.4)
      bson (~> 1.6.4)
    mongo_mapper (0.11.2)
      activemodel (~> 3.0)
      activesupport (~> 3.0)
      plucky (~> 0.5.1)
    multi_json (1.10.1)
    nokogiri (1.6.2.1)
      mini_portile (= 0.6.0)
    plucky (0.5.2)
      mongo (~> 1.5)
    poltergeist (1.5.1)
      capybara (~> 2.1)
      cliver (~> 0.3.1)
      multi_json (~> 1.0)
      websocket-driver (>= 0.2.0)
    rack (1.5.2)
    rack-protection (1.5.3)
      rack
    rack-test (0.6.2)
      rack (>= 1.0)
    sinatra (1.4.5)
      rack (~> 1.4)
      rack-protection (~> 1.4)
      tilt (~> 1.3, >= 1.3.4)
    thin (1.6.2)
      daemons (>= 1.0.9)
      eventmachine (>= 1.0.0)
      rack (>= 1.0.0)
    tilt (1.4.1)
    websocket-driver (0.3.3)
    xpath (2.0.0)
      nokogiri (~> 1.3)

PLATFORMS
  ruby

DEPENDENCIES
  bson
  bson_ext
  capybara
  holdon
  mongo
  mongo_mapper
  nokogiri
  poltergeist (~> 1.5.1)
  sinatra
  thin
